GEM
  remote: https://rubygems.org/
  specs:
    diff-lcs (1.2.4)
    grit (2.5.0)
      diff-lcs (~> 1.1)
      mime-types (~> 1.15)
      posix-spawn (~> 0.3.6)
    liquid (2.5.2)
    mail (2.5.4)
      mime-types (~> 1.16)
      treetop (~> 1.4.8)
    mime-types (1.25)
    mini_portile (0.5.1)
    nokogiri (1.6.0)
      mini_portile (~> 0.5.0)
    polyglot (0.3.3)
    posix-spawn (0.3.6)
    rack (1.5.2)
    rack-protection (1.5.0)
      rack
    rack-session-file (0.5.0)
      rack (>= 1.1.0)
    rdiscount (2.1.6)
    require_all (1.3.1)
    sinatra (1.4.3)
      rack (~> 1.4)
      rack-protection (~> 1.4)
      tilt (~> 1.3, >= 1.3.4)
    tilt (1.4.1)
    treetop (1.4.15)
      polyglot
      polyglot (>= 0.3.1)

PLATFORMS
  ruby

DEPENDENCIES
  grit
  liquid
  mail
  nokogiri
  rack
  rack-session-file
  rdiscount
  require_all
  sinatra
