GEM
  remote: https://rubygems.org/
  specs:
    backports (3.6.3)
    diff-lcs (1.2.5)
    grit (2.5.0)
      diff-lcs (~> 1.1)
      mime-types (~> 1.15)
      posix-spawn (~> 0.3.6)
    liquid (2.6.1)
    lockfile (2.1.3)
    mail (2.6.1)
      mime-types (>= 1.16, < 3)
    mime-types (1.25.1)
    mini_portile (0.6.0)
    multi_json (1.10.1)
    nokogiri (1.6.3.1)
      mini_portile (= 0.6.0)
    posix-spawn (0.3.9)
    rack (1.5.2)
    rack-protection (1.5.3)
      rack
    rack-session-file (0.5.0)
      rack (>= 1.1.0)
    rack-test (0.6.2)
      rack (>= 1.0)
    rack_csrf (2.5.0)
      rack (>= 1.1.0)
    rdiscount (2.1.7.1)
    require_all (1.3.2)
    sinatra (1.4.5)
      rack (~> 1.4)
      rack-protection (~> 1.4)
      tilt (~> 1.3, >= 1.3.4)
    sinatra-contrib (1.4.2)
      backports (>= 2.0)
      multi_json
      rack-protection
      rack-test
      sinatra (~> 1.4.0)
      tilt (~> 1.3)
    tilt (1.4.1)

PLATFORMS
  ruby

DEPENDENCIES
  grit
  liquid
  lockfile
  mail
  nokogiri
  rack
  rack-session-file
  rack_csrf
  rdiscount
  require_all
  sinatra
  sinatra-contrib
